GEM
  remote: https://rubygems.org/
  specs:
    benchmark (0.4.0)
    coderay (1.1.3)
    diff-lcs (1.6.1)
    erubi (1.13.1)
    logger (1.7.0)
    method_source (1.1.0)
    mini_portile2 (2.8.8)
    netrc (0.11.0)
    parallel (1.26.3)
    prism (1.4.0)
    pry (0.15.2)
      coderay (~> 1.1)
      method_source (~> 1.0)
    rbi (0.3.1)
      prism (~> 1.0)
      rbs (>= 3.4.4)
      sorbet-runtime (>= 0.5.9204)
    rbs (3.9.1)
      logger
    rspec (3.13.0)
      rspec-core (~> 3.13.0)
      rspec-expectations (~> 3.13.0)
      rspec-mocks (~> 3.13.0)
    rspec-core (3.13.3)
      rspec-support (~> 3.13.0)
    rspec-expectations (3.13.3)
      diff-lcs (>= 1.2.0, < 2.0)
      rspec-support (~> 3.13.0)
    rspec-mocks (3.13.2)
      diff-lcs (>= 1.2.0, < 2.0)
      rspec-support (~> 3.13.0)
    rspec-support (3.13.2)
    sorbet (0.5.11971)
      sorbet-static (= 0.5.11971)
    sorbet-runtime (0.5.11971)
    sorbet-static (0.5.11971-aarch64-linux)
    sorbet-static (0.5.11971-universal-darwin)
    sorbet-static (0.5.11971-x86_64-linux)
    sorbet-static-and-runtime (0.5.11971)
      sorbet (= 0.5.11971)
      sorbet-runtime (= 0.5.11971)
    spoom (1.6.1)
      erubi (>= 1.10.0)
      prism (>= 0.28.0)
      rbi (>= 0.2.3)
      sorbet-static-and-runtime (>= 0.5.10187)
      thor (>= 0.19.2)
    sqlite3 (2.6.0)
      mini_portile2 (~> 2.8.0)
    sqlite3 (2.6.0-aarch64-linux-gnu)
    sqlite3 (2.6.0-aarch64-linux-musl)
    sqlite3 (2.6.0-arm-linux-gnu)
    sqlite3 (2.6.0-arm-linux-musl)
    sqlite3 (2.6.0-arm64-darwin)
    sqlite3 (2.6.0-x86-linux-gnu)
    sqlite3 (2.6.0-x86-linux-musl)
    sqlite3 (2.6.0-x86_64-darwin)
    sqlite3 (2.6.0-x86_64-linux-gnu)
    sqlite3 (2.6.0-x86_64-linux-musl)
    tapioca (0.16.11)
      benchmark
      bundler (>= 2.2.25)
      netrc (>= 0.11.0)
      parallel (>= 1.21.0)
      rbi (~> 0.2)
      sorbet-static-and-runtime (>= 0.5.11087)
      spoom (>= 1.2.0)
      thor (>= 1.2.0)
      yard-sorbet
    thor (1.3.2)
    yard (0.9.37)
    yard-sorbet (0.9.0)
      sorbet-runtime
      yard

PLATFORMS
  aarch64-linux-gnu
  aarch64-linux-musl
  arm-linux-gnu
  arm-linux-musl
  arm64-darwin
  ruby
  x86-linux-gnu
  x86-linux-musl
  x86_64-darwin
  x86_64-linux-gnu
  x86_64-linux-musl

DEPENDENCIES
  pry (~> 0.15.0)
  rspec
  sorbet
  sorbet-runtime
  sqlite3
  tapioca

BUNDLED WITH
   2.6.3
